FRAMEWORK: NET462, NETSTANDARD16
NUGET
  remote: https://api.nuget.org/v3/index.json
    FAKE (4.56)
    NUnit (3.6.1)
      NETStandard.Library (>= 1.6) - framework: >= net462, netstandard16
      System.Runtime.Loader (>= 4.0) - framework: >= net462, netstandard16
    NUnit.ConsoleRunner (3.6.1)
  remote: https://dotnet.myget.org/F/dotnet-core
    Microsoft.NETCore.Platforms (1.1.0)
    Microsoft.NETCore.Targets (1.1.0)
    Microsoft.Win32.Primitives (4.3.0)
      Microsoft.NETCore.Platforms (>= 1.1) - framework: netstandard16
      Microsoft.NETCore.Targets (>= 1.1) - framework: netstandard16
      System.Runtime (>= 4.3) - framework: netstandard16
    NETStandard.Library (1.6.1)
      Microsoft.NETCore.Platforms (>= 1.1) - framework: netstandard16
      Microsoft.Win32.Primitives (>= 4.3)
      System.AppContext (>= 4.3)
      System.Collections (>= 4.3) - framework: netstandard16
      System.Collections.Concurrent (>= 4.3)
      System.Console (>= 4.3)
      System.Diagnostics.Debug (>= 4.3) - framework: netstandard16
      System.Diagnostics.Tools (>= 4.3) - framework: netstandard16
      System.Diagnostics.Tracing (>= 4.3)
      System.Globalization (>= 4.3) - framework: netstandard16
      System.Globalization.Calendars (>= 4.3)
      System.IO (>= 4.3) - framework: netstandard16
      System.IO.Compression (>= 4.3)
      System.IO.Compression.ZipFile (>= 4.3)
      System.IO.FileSystem (>= 4.3)
      System.IO.FileSystem.Primitives (>= 4.3)
      System.Linq (>= 4.3) - framework: netstandard16
      System.Linq.Expressions (>= 4.3) - framework: netstandard16
      System.Net.Http (>= 4.3)
      System.Net.Primitives (>= 4.3) - framework: netstandard16
      System.Net.Sockets (>= 4.3)
      System.ObjectModel (>= 4.3) - framework: netstandard16
      System.Reflection (>= 4.3) - framework: netstandard16
      System.Reflection.Extensions (>= 4.3) - framework: netstandard16
      System.Reflection.Primitives (>= 4.3) - framework: netstandard16
      System.Resources.ResourceManager (>= 4.3) - framework: netstandard16
      System.Runtime (>= 4.3) - framework: netstandard16
      System.Runtime.Extensions (>= 4.3) - framework: netstandard16
      System.Runtime.Handles (>= 4.3)
      System.Runtime.InteropServices (>= 4.3)
      System.Runtime.InteropServices.RuntimeInformation (>= 4.3)
      System.Runtime.Numerics (>= 4.3)
      System.Security.Cryptography.Algorithms (>= 4.3)
      System.Security.Cryptography.Encoding (>= 4.3)
      System.Security.Cryptography.Primitives (>= 4.3)
      System.Security.Cryptography.X509Certificates (>= 4.3)
      System.Text.Encoding (>= 4.3) - framework: netstandard16
      System.Text.Encoding.Extensions (>= 4.3) - framework: netstandard16
      System.Text.RegularExpressions (>= 4.3) - framework: netstandard16
      System.Threading (>= 4.3) - framework: netstandard16
      System.Threading.Tasks (>= 4.3) - framework: netstandard16
      System.Threading.Timer (>= 4.3)
      System.Xml.ReaderWriter (>= 4.3) - framework: netstandard16
      System.Xml.XDocument (>= 4.3) - framework: netstandard16
    runtime.debian.8-x64.runtime.native.System.Security.Cryptography.OpenSsl (4.3.0)
    runtime.fedora.23-x64.runtime.native.System.Security.Cryptography.OpenSsl (4.3.0)
    runtime.fedora.24-x64.runtime.native.System.Security.Cryptography.OpenSsl (4.3.0)
    runtime.native.System (4.3.0)
      Microsoft.NETCore.Platforms (>= 1.1)
      Microsoft.NETCore.Targets (>= 1.1)
    runtime.native.System.IO.Compression (4.3.0)
      Microsoft.NETCore.Platforms (>= 1.1)
      Microsoft.NETCore.Targets (>= 1.1)
    runtime.native.System.Net.Http (4.3.0)
      Microsoft.NETCore.Platforms (>= 1.1)
      Microsoft.NETCore.Targets (>= 1.1)
    runtime.native.System.Security.Cryptography.Apple (4.3.0)
      runtime.osx.10.10-x64.runtime.native.System.Security.Cryptography.Apple (>= 4.3)
    runtime.native.System.Security.Cryptography.OpenSsl (4.3.0)
      runtime.debian.8-x64.runtime.native.System.Security.Cryptography.OpenSsl (>= 4.3)
      runtime.fedora.23-x64.runtime.native.System.Security.Cryptography.OpenSsl (>= 4.3)
      runtime.fedora.24-x64.runtime.native.System.Security.Cryptography.OpenSsl (>= 4.3)
      runtime.opensuse.13.2-x64.runtime.native.System.Security.Cryptography.OpenSsl (>= 4.3)
      runtime.opensuse.42.1-x64.runtime.native.System.Security.Cryptography.OpenSsl (>= 4.3)
      runtime.osx.10.10-x64.runtime.native.System.Security.Cryptography.OpenSsl (>= 4.3)
      runtime.rhel.7-x64.runtime.native.System.Security.Cryptography.OpenSsl (>= 4.3)
      runtime.ubuntu.14.04-x64.runtime.native.System.Security.Cryptography.OpenSsl (>= 4.3)
      runtime.ubuntu.16.04-x64.runtime.native.System.Security.Cryptography.OpenSsl (>= 4.3)
      runtime.ubuntu.16.10-x64.runtime.native.System.Security.Cryptography.OpenSsl (>= 4.3)
    runtime.opensuse.13.2-x64.runtime.native.System.Security.Cryptography.OpenSsl (4.3.0)
    runtime.opensuse.42.1-x64.runtime.native.System.Security.Cryptography.OpenSsl (4.3.0)
    runtime.osx.10.10-x64.runtime.native.System.Security.Cryptography.Apple (4.3.0)
    runtime.osx.10.10-x64.runtime.native.System.Security.Cryptography.OpenSsl (4.3.0)
    runtime.rhel.7-x64.runtime.native.System.Security.Cryptography.OpenSsl (4.3.0)
    runtime.ubuntu.14.04-x64.runtime.native.System.Security.Cryptography.OpenSsl (4.3.0)
    runtime.ubuntu.16.04-x64.runtime.native.System.Security.Cryptography.OpenSsl (4.3.0)
    runtime.ubuntu.16.10-x64.runtime.native.System.Security.Cryptography.OpenSsl (4.3.0)
    System.AppContext (4.3.0)
      System.Runtime (>= 4.3) - framework: netstandard16
    System.Buffers (4.3.0)
      System.Diagnostics.Debug (>= 4.3) - framework: netstandard16
      System.Diagnostics.Tracing (>= 4.3) - framework: netstandard16
      System.Resources.ResourceManager (>= 4.3) - framework: netstandard16
      System.Runtime (>= 4.3) - framework: netstandard16
      System.Threading (>= 4.3) - framework: netstandard16
    System.Collections.Concurrent (4.3.0)
      System.Collections (>= 4.3) - framework: netstandard16
      System.Diagnostics.Debug (>= 4.3) - framework: netstandard16
      System.Diagnostics.Tracing (>= 4.3) - framework: netstandard16
      System.Globalization (>= 4.3) - framework: netstandard16
      System.Reflection (>= 4.3) - framework: netstandard16
      System.Resources.ResourceManager (>= 4.3) - framework: netstandard16
      System.Runtime (>= 4.3) - framework: netstandard16
      System.Runtime.Extensions (>= 4.3) - framework: netstandard16
      System.Threading (>= 4.3) - framework: netstandard16
      System.Threading.Tasks (>= 4.3) - framework: netstandard16
    System.Console (4.3.0)
      Microsoft.NETCore.Platforms (>= 1.1) - framework: netstandard16
      Microsoft.NETCore.Targets (>= 1.1) - framework: netstandard16
      System.IO (>= 4.3) - framework: netstandard16
      System.Runtime (>= 4.3) - framework: netstandard16
      System.Text.Encoding (>= 4.3) - framework: netstandard16
    System.Diagnostics.Debug (4.3.0)
      Microsoft.NETCore.Platforms (>= 1.1) - framework: netstandard16
      Microsoft.NETCore.Targets (>= 1.1) - framework: netstandard16
      System.Runtime (>= 4.3) - framework: netstandard16
    System.Diagnostics.DiagnosticSource (4.3.0)
      System.Collections (>= 4.3) - framework: netstandard16
      System.Diagnostics.Tracing (>= 4.3) - framework: netstandard16
      System.Reflection (>= 4.3) - framework: netstandard16
      System.Runtime (>= 4.3) - framework: netstandard16
      System.Threading (>= 4.3) - framework: netstandard16
    System.Diagnostics.Tools (4.3.0)
      Microsoft.NETCore.Platforms (>= 1.1) - framework: netstandard16
      Microsoft.NETCore.Targets (>= 1.1) - framework: netstandard16
      System.Runtime (>= 4.3) - framework: netstandard16
    System.Diagnostics.Tracing (4.3.0)
      Microsoft.NETCore.Platforms (>= 1.1) - framework: netstandard16
      Microsoft.NETCore.Targets (>= 1.1) - framework: netstandard16
      System.Runtime (>= 4.3) - framework: netstandard16
    System.Globalization (4.3.0)
      Microsoft.NETCore.Platforms (>= 1.1) - framework: netstandard16
      Microsoft.NETCore.Targets (>= 1.1) - framework: netstandard16
      System.Runtime (>= 4.3) - framework: netstandard16
    System.Globalization.Calendars (4.3.0)
      Microsoft.NETCore.Platforms (>= 1.1) - framework: netstandard16
      Microsoft.NETCore.Targets (>= 1.1) - framework: netstandard16
      System.Globalization (>= 4.3) - framework: netstandard16
      System.Runtime (>= 4.3) - framework: netstandard16
    System.Globalization.Extensions (4.3.0)
      Microsoft.NETCore.Platforms (>= 1.1) - framework: netstandard16
      System.Globalization (>= 4.3) - framework: netstandard16
      System.Resources.ResourceManager (>= 4.3) - framework: netstandard16
      System.Runtime (>= 4.3) - framework: netstandard16
      System.Runtime.Extensions (>= 4.3) - framework: netstandard16
      System.Runtime.InteropServices (>= 4.3) - framework: netstandard16
    System.IO (4.3.0)
      Microsoft.NETCore.Platforms (>= 1.1) - framework: netstandard16
      Microsoft.NETCore.Targets (>= 1.1) - framework: netstandard16
      System.Runtime (>= 4.3) - framework: netstandard16
      System.Text.Encoding (>= 4.3) - framework: netstandard16
      System.Threading.Tasks (>= 4.3) - framework: netstandard16
    System.IO.Compression (4.3.0)
      Microsoft.NETCore.Platforms (>= 1.1) - framework: netstandard16
      runtime.native.System (>= 4.3) - framework: netstandard16
      runtime.native.System.IO.Compression (>= 4.3) - framework: netstandard16
      System.Buffers (>= 4.3) - framework: netstandard16
      System.Collections (>= 4.3) - framework: netstandard16
      System.Diagnostics.Debug (>= 4.3) - framework: netstandard16
      System.IO (>= 4.3) - framework: netstandard16
      System.Resources.ResourceManager (>= 4.3) - framework: netstandard16
      System.Runtime (>= 4.3) - framework: netstandard16
      System.Runtime.Extensions (>= 4.3) - framework: netstandard16
      System.Runtime.Handles (>= 4.3) - framework: netstandard16
      System.Runtime.InteropServices (>= 4.3) - framework: netstandard16
      System.Text.Encoding (>= 4.3) - framework: netstandard16
      System.Threading (>= 4.3) - framework: netstandard16
      System.Threading.Tasks (>= 4.3) - framework: netstandard16
    System.IO.Compression.ZipFile (4.3.0)
      System.Buffers (>= 4.3) - framework: netstandard16
      System.IO (>= 4.3) - framework: netstandard16
      System.IO.Compression (>= 4.3) - framework: netstandard16
      System.IO.FileSystem (>= 4.3) - framework: netstandard16
      System.IO.FileSystem.Primitives (>= 4.3) - framework: netstandard16
      System.Resources.ResourceManager (>= 4.3) - framework: netstandard16
      System.Runtime (>= 4.3) - framework: netstandard16
      System.Runtime.Extensions (>= 4.3) - framework: netstandard16
      System.Text.Encoding (>= 4.3) - framework: netstandard16
    System.IO.FileSystem (4.3.0)
      Microsoft.NETCore.Platforms (>= 1.1) - framework: netstandard16
      Microsoft.NETCore.Targets (>= 1.1) - framework: netstandard16
      System.IO (>= 4.3) - framework: netstandard16
      System.IO.FileSystem.Primitives (>= 4.3)
      System.Runtime (>= 4.3) - framework: netstandard16
      System.Runtime.Handles (>= 4.3) - framework: netstandard16
      System.Text.Encoding (>= 4.3) - framework: netstandard16
      System.Threading.Tasks (>= 4.3) - framework: netstandard16
    System.IO.FileSystem.Primitives (4.3.0)
      System.Runtime (>= 4.3) - framework: netstandard16
    System.Linq (4.3.0)
      System.Collections (>= 4.3) - framework: netstandard16
      System.Diagnostics.Debug (>= 4.3) - framework: netstandard16
      System.Resources.ResourceManager (>= 4.3) - framework: netstandard16
      System.Runtime (>= 4.3) - framework: netstandard16
      System.Runtime.Extensions (>= 4.3) - framework: netstandard16
    System.Linq.Expressions (4.3.0)
      System.Collections (>= 4.3) - framework: netstandard16
      System.Diagnostics.Debug (>= 4.3) - framework: netstandard16
      System.Globalization (>= 4.3) - framework: netstandard16
      System.IO (>= 4.3) - framework: netstandard16
      System.Linq (>= 4.3) - framework: netstandard16
      System.ObjectModel (>= 4.3) - framework: netstandard16
      System.Reflection (>= 4.3) - framework: netstandard16
      System.Reflection.Emit (>= 4.3) - framework: netstandard16
      System.Reflection.Emit.ILGeneration (>= 4.3) - framework: netstandard16
      System.Reflection.Emit.Lightweight (>= 4.3) - framework: netstandard16
      System.Reflection.Extensions (>= 4.3) - framework: netstandard16
      System.Reflection.Primitives (>= 4.3) - framework: netstandard16
      System.Reflection.TypeExtensions (>= 4.3) - framework: netstandard16
      System.Resources.ResourceManager (>= 4.3) - framework: netstandard16
      System.Runtime (>= 4.3) - framework: netstandard16
      System.Runtime.Extensions (>= 4.3) - framework: netstandard16
      System.Threading (>= 4.3) - framework: netstandard16
    System.Net.Http (4.3.1)
      Microsoft.NETCore.Platforms (>= 1.1) - framework: netstandard16
      runtime.native.System (>= 4.3) - framework: netstandard16
      runtime.native.System.Net.Http (>= 4.3) - framework: netstandard16
      runtime.native.System.Security.Cryptography.OpenSsl (>= 4.3) - framework: netstandard16
      System.Collections (>= 4.3) - framework: netstandard16
      System.Diagnostics.Debug (>= 4.3) - framework: netstandard16
      System.Diagnostics.DiagnosticSource (>= 4.3) - framework: netstandard16
      System.Diagnostics.Tracing (>= 4.3) - framework: netstandard16
      System.Globalization (>= 4.3) - framework: netstandard16
      System.Globalization.Extensions (>= 4.3) - framework: netstandard16
      System.IO (>= 4.3) - framework: netstandard16
      System.IO.FileSystem (>= 4.3) - framework: netstandard16
      System.Net.Primitives (>= 4.3) - framework: netstandard16
      System.Resources.ResourceManager (>= 4.3) - framework: netstandard16
      System.Runtime (>= 4.3) - framework: netstandard16
      System.Runtime.Extensions (>= 4.3) - framework: netstandard16
      System.Runtime.Handles (>= 4.3) - framework: netstandard16
      System.Runtime.InteropServices (>= 4.3) - framework: netstandard16
      System.Security.Cryptography.Algorithms (>= 4.3) - framework: netstandard16
      System.Security.Cryptography.Encoding (>= 4.3) - framework: netstandard16
      System.Security.Cryptography.OpenSsl (>= 4.3) - framework: netstandard16
      System.Security.Cryptography.Primitives (>= 4.3) - framework: netstandard16
      System.Security.Cryptography.X509Certificates (>= 4.3)
      System.Text.Encoding (>= 4.3) - framework: netstandard16
      System.Threading (>= 4.3) - framework: netstandard16
      System.Threading.Tasks (>= 4.3) - framework: netstandard16
    System.Net.Primitives (4.3.0)
      Microsoft.NETCore.Platforms (>= 1.1) - framework: netstandard16
      Microsoft.NETCore.Targets (>= 1.1) - framework: netstandard16
      System.Runtime (>= 4.3) - framework: netstandard16
      System.Runtime.Handles (>= 4.3) - framework: netstandard16
    System.ObjectModel (4.3.0)
      System.Collections (>= 4.3) - framework: netstandard16
      System.Diagnostics.Debug (>= 4.3) - framework: netstandard16
      System.Resources.ResourceManager (>= 4.3) - framework: netstandard16
      System.Runtime (>= 4.3) - framework: netstandard16
      System.Threading (>= 4.3) - framework: netstandard16
    System.Reflection (4.3.0)
      Microsoft.NETCore.Platforms (>= 1.1) - framework: netstandard16
      Microsoft.NETCore.Targets (>= 1.1) - framework: netstandard16
      System.IO (>= 4.3) - framework: netstandard16
      System.Reflection.Primitives (>= 4.3) - framework: netstandard16
      System.Runtime (>= 4.3) - framework: netstandard16
    System.Reflection.Emit (4.3.0)
      System.IO (>= 4.3) - framework: netstandard16
      System.Reflection (>= 4.3) - framework: netstandard16
      System.Reflection.Emit.ILGeneration (>= 4.3) - framework: netstandard16
      System.Reflection.Primitives (>= 4.3) - framework: netstandard16
      System.Runtime (>= 4.3) - framework: netstandard16
    System.Reflection.Emit.ILGeneration (4.3.0)
      System.Reflection (>= 4.3) - framework: netstandard16
      System.Reflection.Primitives (>= 4.3) - framework: netstandard16
      System.Runtime (>= 4.3) - framework: netstandard16
    System.Reflection.Emit.Lightweight (4.3.0)
      System.Reflection (>= 4.3) - framework: netstandard16
      System.Reflection.Emit.ILGeneration (>= 4.3) - framework: netstandard16
      System.Reflection.Primitives (>= 4.3) - framework: netstandard16
      System.Runtime (>= 4.3) - framework: netstandard16
    System.Reflection.Extensions (4.3.0)
      Microsoft.NETCore.Platforms (>= 1.1) - framework: netstandard16
      Microsoft.NETCore.Targets (>= 1.1) - framework: netstandard16
      System.Reflection (>= 4.3) - framework: netstandard16
      System.Runtime (>= 4.3) - framework: netstandard16
    System.Reflection.Primitives (4.3.0)
      Microsoft.NETCore.Platforms (>= 1.1) - framework: netstandard16
      Microsoft.NETCore.Targets (>= 1.1) - framework: netstandard16
      System.Runtime (>= 4.3) - framework: netstandard16
    System.Reflection.TypeExtensions (4.3.0)
      System.Reflection (>= 4.3)
      System.Runtime (>= 4.3) - framework: netstandard16
    System.Resources.ResourceManager (4.3.0)
      Microsoft.NETCore.Platforms (>= 1.1) - framework: netstandard16
      Microsoft.NETCore.Targets (>= 1.1) - framework: netstandard16
      System.Globalization (>= 4.3) - framework: netstandard16
      System.Reflection (>= 4.3) - framework: netstandard16
      System.Runtime (>= 4.3) - framework: netstandard16
    System.Runtime (4.3.0)
      Microsoft.NETCore.Platforms (>= 1.1) - framework: netstandard16
      Microsoft.NETCore.Targets (>= 1.1) - framework: netstandard16
    System.Runtime.Extensions (4.3.0)
      Microsoft.NETCore.Platforms (>= 1.1) - framework: netstandard16
      Microsoft.NETCore.Targets (>= 1.1) - framework: netstandard16
      System.Runtime (>= 4.3) - framework: netstandard16
    System.Runtime.InteropServices (4.3.0)
      Microsoft.NETCore.Platforms (>= 1.1) - framework: netstandard16
      Microsoft.NETCore.Targets (>= 1.1) - framework: netstandard16
      System.Reflection (>= 4.3) - framework: netstandard16
      System.Reflection.Primitives (>= 4.3) - framework: netstandard16
      System.Runtime (>= 4.3)
      System.Runtime.Handles (>= 4.3) - framework: netstandard16
    System.Runtime.InteropServices.RuntimeInformation (4.3.0)
      runtime.native.System (>= 4.3) - framework: netstandard16
      System.Reflection (>= 4.3) - framework: netstandard16
      System.Reflection.Extensions (>= 4.3) - framework: netstandard16
      System.Resources.ResourceManager (>= 4.3) - framework: netstandard16
      System.Runtime (>= 4.3) - framework: netstandard16
      System.Runtime.InteropServices (>= 4.3) - framework: netstandard16
      System.Threading (>= 4.3) - framework: netstandard16
    System.Runtime.Numerics (4.3.0)
      System.Globalization (>= 4.3) - framework: netstandard16
      System.Resources.ResourceManager (>= 4.3) - framework: netstandard16
      System.Runtime (>= 4.3) - framework: netstandard16
      System.Runtime.Extensions (>= 4.3) - framework: netstandard16
    System.Security.Cryptography.Cng (4.3.0)
      Microsoft.NETCore.Platforms (>= 1.1) - framework: netstandard16
      System.IO (>= 4.3) - framework: netstandard16
      System.Resources.ResourceManager (>= 4.3) - framework: netstandard16
      System.Runtime (>= 4.3) - framework: netstandard16
      System.Runtime.Extensions (>= 4.3) - framework: netstandard16
      System.Runtime.Handles (>= 4.3) - framework: netstandard16
      System.Runtime.InteropServices (>= 4.3) - framework: netstandard16
      System.Security.Cryptography.Algorithms (>= 4.3) - framework: >= net46, netstandard16
      System.Security.Cryptography.Encoding (>= 4.3) - framework: netstandard16
      System.Security.Cryptography.Primitives (>= 4.3) - framework: >= net46, netstandard16
      System.Text.Encoding (>= 4.3) - framework: netstandard16
    System.Security.Cryptography.Csp (4.3.0)
      Microsoft.NETCore.Platforms (>= 1.1) - framework: netstandard16
      System.IO (>= 4.3) - framework: netstandard16
      System.Reflection (>= 4.3) - framework: netstandard16
      System.Resources.ResourceManager (>= 4.3) - framework: netstandard16
      System.Runtime (>= 4.3) - framework: netstandard16
      System.Runtime.Extensions (>= 4.3) - framework: netstandard16
      System.Runtime.Handles (>= 4.3) - framework: netstandard16
      System.Runtime.InteropServices (>= 4.3) - framework: netstandard16
      System.Security.Cryptography.Algorithms (>= 4.3)
      System.Security.Cryptography.Encoding (>= 4.3) - framework: netstandard16
      System.Security.Cryptography.Primitives (>= 4.3)
      System.Text.Encoding (>= 4.3) - framework: netstandard16
      System.Threading (>= 4.3) - framework: netstandard16
    System.Security.Cryptography.Encoding (4.3.0)
      Microsoft.NETCore.Platforms (>= 1.1) - framework: netstandard16
      runtime.native.System.Security.Cryptography.OpenSsl (>= 4.3) - framework: netstandard16
      System.Collections (>= 4.3) - framework: netstandard16
      System.Collections.Concurrent (>= 4.3) - framework: netstandard16
      System.Linq (>= 4.3) - framework: netstandard16
      System.Resources.ResourceManager (>= 4.3) - framework: netstandard16
      System.Runtime (>= 4.3) - framework: netstandard16
      System.Runtime.Extensions (>= 4.3) - framework: netstandard16
      System.Runtime.Handles (>= 4.3) - framework: netstandard16
      System.Runtime.InteropServices (>= 4.3) - framework: netstandard16
      System.Security.Cryptography.Primitives (>= 4.3) - framework: netstandard16
      System.Text.Encoding (>= 4.3) - framework: netstandard16
    System.Security.Cryptography.OpenSsl (4.3.0)
      runtime.native.System.Security.Cryptography.OpenSsl (>= 4.3) - framework: >= net462, netstandard16
      System.Collections (>= 4.3) - framework: netstandard16
      System.IO (>= 4.3) - framework: >= net462, netstandard16
      System.Resources.ResourceManager (>= 4.3) - framework: netstandard16
      System.Runtime (>= 4.3) - framework: >= net462, netstandard16
      System.Runtime.Extensions (>= 4.3) - framework: >= net462, netstandard16
      System.Runtime.Handles (>= 4.3) - framework: netstandard16
      System.Runtime.InteropServices (>= 4.3) - framework: netstandard16
      System.Runtime.Numerics (>= 4.3) - framework: netstandard16
      System.Security.Cryptography.Algorithms (>= 4.3) - framework: >= net462, netstandard16
      System.Security.Cryptography.Encoding (>= 4.3) - framework: >= net462, netstandard16
      System.Security.Cryptography.Primitives (>= 4.3) - framework: >= net462, netstandard16
      System.Text.Encoding (>= 4.3) - framework: netstandard16
    System.Security.Cryptography.Primitives (4.3.0)
      System.Diagnostics.Debug (>= 4.3) - framework: netstandard16
      System.Globalization (>= 4.3) - framework: netstandard16
      System.IO (>= 4.3) - framework: netstandard16
      System.Resources.ResourceManager (>= 4.3) - framework: netstandard16
      System.Runtime (>= 4.3) - framework: netstandard16
      System.Threading (>= 4.3) - framework: netstandard16
      System.Threading.Tasks (>= 4.3) - framework: netstandard16
    System.Security.Cryptography.X509Certificates (4.3.0)
      Microsoft.NETCore.Platforms (>= 1.1) - framework: netstandard16
      runtime.native.System (>= 4.3) - framework: netstandard16
      runtime.native.System.Net.Http (>= 4.3) - framework: netstandard16
      runtime.native.System.Security.Cryptography.OpenSsl (>= 4.3) - framework: netstandard16
      System.Collections (>= 4.3) - framework: netstandard16
      System.Diagnostics.Debug (>= 4.3) - framework: netstandard16
      System.Globalization (>= 4.3) - framework: netstandard16
      System.Globalization.Calendars (>= 4.3) - framework: netstandard16
      System.IO (>= 4.3) - framework: netstandard16
      System.IO.FileSystem (>= 4.3) - framework: netstandard16
      System.IO.FileSystem.Primitives (>= 4.3) - framework: netstandard16
      System.Resources.ResourceManager (>= 4.3) - framework: netstandard16
      System.Runtime (>= 4.3) - framework: netstandard16
      System.Runtime.Extensions (>= 4.3) - framework: netstandard16
      System.Runtime.Handles (>= 4.3) - framework: netstandard16
      System.Runtime.InteropServices (>= 4.3) - framework: netstandard16
      System.Runtime.Numerics (>= 4.3) - framework: netstandard16
      System.Security.Cryptography.Algorithms (>= 4.3)
      System.Security.Cryptography.Cng (>= 4.3) - framework: netstandard16
      System.Security.Cryptography.Csp (>= 4.3) - framework: netstandard16
      System.Security.Cryptography.Encoding (>= 4.3)
      System.Security.Cryptography.OpenSsl (>= 4.3) - framework: netstandard16
      System.Security.Cryptography.Primitives (>= 4.3) - framework: netstandard16
      System.Text.Encoding (>= 4.3) - framework: netstandard16
      System.Threading (>= 4.3) - framework: netstandard16
    System.Text.Encoding (4.3.0)
      Microsoft.NETCore.Platforms (>= 1.1) - framework: netstandard16
      Microsoft.NETCore.Targets (>= 1.1) - framework: netstandard16
      System.Runtime (>= 4.3) - framework: netstandard16
    System.Text.Encoding.Extensions (4.3.0)
      Microsoft.NETCore.Platforms (>= 1.1) - framework: netstandard16
      Microsoft.NETCore.Targets (>= 1.1) - framework: netstandard16
      System.Runtime (>= 4.3) - framework: netstandard16
      System.Text.Encoding (>= 4.3) - framework: netstandard16
    System.Text.RegularExpressions (4.3.0)
      System.Collections (>= 4.3) - framework: netstandard16
      System.Globalization (>= 4.3) - framework: netstandard16
      System.Resources.ResourceManager (>= 4.3) - framework: netstandard16
      System.Runtime (>= 4.3) - framework: netstandard16
      System.Runtime.Extensions (>= 4.3) - framework: netstandard16
      System.Threading (>= 4.3) - framework: netstandard16
    System.Threading (4.3.0)
      System.Runtime (>= 4.3) - framework: netstandard16
      System.Threading.Tasks (>= 4.3) - framework: netstandard16
    System.Threading.Tasks (4.3.0)
      Microsoft.NETCore.Platforms (>= 1.1) - framework: netstandard16
      Microsoft.NETCore.Targets (>= 1.1) - framework: netstandard16
      System.Runtime (>= 4.3) - framework: netstandard16
    System.Threading.Tasks.Extensions (4.3.0)
      System.Collections (>= 4.3) - framework: netstandard16
      System.Runtime (>= 4.3) - framework: netstandard16
      System.Threading.Tasks (>= 4.3) - framework: netstandard16
    System.Threading.Timer (4.3.0)
      Microsoft.NETCore.Platforms (>= 1.1) - framework: netstandard16
      Microsoft.NETCore.Targets (>= 1.1) - framework: netstandard16
      System.Runtime (>= 4.3) - framework: netstandard16
    System.Xml.ReaderWriter (4.3.0)
      System.Collections (>= 4.3) - framework: netstandard16
      System.Diagnostics.Debug (>= 4.3) - framework: netstandard16
      System.Globalization (>= 4.3) - framework: netstandard16
      System.IO (>= 4.3) - framework: netstandard16
      System.IO.FileSystem (>= 4.3) - framework: netstandard16
      System.IO.FileSystem.Primitives (>= 4.3) - framework: netstandard16
      System.Resources.ResourceManager (>= 4.3) - framework: netstandard16
      System.Runtime (>= 4.3) - framework: netstandard16
      System.Runtime.Extensions (>= 4.3) - framework: netstandard16
      System.Runtime.InteropServices (>= 4.3) - framework: netstandard16
      System.Text.Encoding (>= 4.3) - framework: netstandard16
      System.Text.Encoding.Extensions (>= 4.3) - framework: netstandard16
      System.Text.RegularExpressions (>= 4.3) - framework: netstandard16
      System.Threading.Tasks (>= 4.3) - framework: netstandard16
      System.Threading.Tasks.Extensions (>= 4.3) - framework: netstandard16
    System.Xml.XDocument (4.3.0)
      System.Collections (>= 4.3) - framework: netstandard16
      System.Diagnostics.Debug (>= 4.3) - framework: netstandard16
      System.Diagnostics.Tools (>= 4.3) - framework: netstandard16
      System.Globalization (>= 4.3) - framework: netstandard16
      System.IO (>= 4.3) - framework: netstandard16
      System.Reflection (>= 4.3) - framework: netstandard16
      System.Resources.ResourceManager (>= 4.3) - framework: netstandard16
      System.Runtime (>= 4.3) - framework: netstandard16
      System.Runtime.Extensions (>= 4.3) - framework: netstandard16
      System.Text.Encoding (>= 4.3) - framework: netstandard16
      System.Threading (>= 4.3) - framework: netstandard16
      System.Xml.ReaderWriter (>= 4.3) - framework: netstandard16
  remote: https://dotnet.myget.org/F/cli-deps
    System.Collections (4.3.0)
      Microsoft.NETCore.Platforms (>= 1.1) - framework: netstandard16
      Microsoft.NETCore.Targets (>= 1.1) - framework: netstandard16
      System.Runtime (>= 4.3) - framework: netstandard16
    System.Net.Sockets (4.3.0)
      Microsoft.NETCore.Platforms (>= 1.1) - framework: netstandard16
      Microsoft.NETCore.Targets (>= 1.1) - framework: netstandard16
      System.IO (>= 4.3) - framework: netstandard16
      System.Net.Primitives (>= 4.3) - framework: netstandard16
      System.Runtime (>= 4.3) - framework: netstandard16
      System.Threading.Tasks (>= 4.3) - framework: netstandard16
    System.Runtime.Handles (4.3.0)
      Microsoft.NETCore.Platforms (>= 1.1) - framework: netstandard16
      Microsoft.NETCore.Targets (>= 1.1) - framework: netstandard16
      System.Runtime (>= 4.3) - framework: netstandard16
    System.Runtime.Loader (4.3.0)
      System.IO (>= 4.3) - framework: netstandard16
      System.Reflection (>= 4.3) - framework: netstandard16
      System.Runtime (>= 4.3) - framework: netstandard16
    System.Security.Cryptography.Algorithms (4.3.0)
      Microsoft.NETCore.Platforms (>= 1.1) - framework: netstandard16
      runtime.native.System.Security.Cryptography.Apple (>= 4.3) - framework: netstandard16
      runtime.native.System.Security.Cryptography.OpenSsl (>= 4.3) - framework: netstandard16
      System.Collections (>= 4.3) - framework: netstandard16
      System.IO (>= 4.3) - framework: >= net462, netstandard16
      System.Resources.ResourceManager (>= 4.3) - framework: netstandard16
      System.Runtime (>= 4.3) - framework: >= net462, netstandard16
      System.Runtime.Extensions (>= 4.3) - framework: netstandard16
      System.Runtime.Handles (>= 4.3) - framework: netstandard16
      System.Runtime.InteropServices (>= 4.3) - framework: netstandard16
      System.Runtime.Numerics (>= 4.3) - framework: netstandard16
      System.Security.Cryptography.Encoding (>= 4.3) - framework: >= net462, netstandard16
      System.Security.Cryptography.Primitives (>= 4.3) - framework: >= net46, netstandard16
      System.Text.Encoding (>= 4.3) - framework: netstandard16
