FRAMEWORK: NET452
NUGET
  remote: https://api.nuget.org/v3/index.json
    FAKE (4.57)
