FRAMEWORK: NET462
NUGET
  remote: https://api.nuget.org/v3/index.json
    FAKE (4.56)
    NUnit (3.6.1)
    NUnit.ConsoleRunner (3.6.1)
